GEM
  remote: http://rubygems.org/
  specs:
    chunky_png (1.2.5)
    compass (0.11.5)
      chunky_png (~> 1.2)
      fssm (>= 0.2.7)
      sass (~> 3.1)
    fssm (0.2.7)
    nokogiri (1.5.0)
    posix-spawn (0.3.6)
    sass (3.1.10)

PLATFORMS
  ruby

DEPENDENCIES
  compass
  nokogiri
  posix-spawn
